GEM
  remote: https://rubygems.org/
  specs:
    bitters (0.9.3)
      bourbon (>= 3.1)
      sass (>= 3.2)
      thor
    bourbon (4.0.1)
      sass (~> 3.3)
      thor
    daemons (1.1.9)
    eventmachine (1.0.3)
    mail (2.5.4)
      mime-types (~> 1.16)
      treetop (~> 1.4.8)
    mime-types (1.25.1)
    neat (1.6.0)
      bourbon (>= 3.1)
      sass (>= 3.3)
    polyglot (0.3.4)
    pony (1.8)
      mail (>= 2.0)
    rack (1.5.2)
    rack-protection (1.5.3)
      rack
    sass (3.3.7)
    sinatra (1.4.5)
      rack (~> 1.4)
      rack-protection (~> 1.4)
      tilt (~> 1.3, >= 1.3.4)
    thin (1.6.2)
      daemons (>= 1.0.9)
      eventmachine (>= 1.0.0)
      rack (>= 1.0.0)
    thor (0.19.1)
    tilt (1.4.1)
    treetop (1.4.15)
      polyglot
      polyglot (>= 0.3.1)

PLATFORMS
  ruby

DEPENDENCIES
  bitters
  bourbon
  neat
  pony
  sass
  sinatra
  thin
